GEM
  remote: http://rubygems.org/
  specs:
    abstract (1.0.0)
    actionmailer (3.0.3)
      actionpack (= 3.0.3)
      mail (~> 2.2.9)
    actionpack (3.0.3)
      activemodel (= 3.0.3)
      activesupport (= 3.0.3)
      builder (~> 2.1.2)
      erubis (~> 2.6.6)
      i18n (~> 0.4)
      rack (~> 1.2.1)
      rack-mount (~> 0.6.13)
      rack-test (~> 0.5.6)
      tzinfo (~> 0.3.23)
    activemodel (3.0.3)
      activesupport (= 3.0.3)
      builder (~> 2.1.2)
      i18n (~> 0.4)
    activerecord (3.0.3)
      activemodel (= 3.0.3)
      activesupport (= 3.0.3)
      arel (~> 2.0.2)
      tzinfo (~> 0.3.23)
    activeresource (3.0.3)
      activemodel (= 3.0.3)
      activesupport (= 3.0.3)
    activesupport (3.0.3)
    archive-tar-minitar (0.5.2)
    arel (2.0.4)
    autotest (4.4.5)
    awesome_print (0.3.1)
    bcrypt-ruby (2.1.2)
    bson (1.1.2)
    bson_ext (1.1.2)
    builder (2.1.2)
    columnize (0.3.2)
    compass (0.10.6)
      haml (>= 3.0.4)
    compass-susy-plugin (0.8.1)
      compass (>= 0.10.0)
    daemons (1.1.0)
    diff-lcs (1.1.2)
    erubis (2.6.6)
      abstract (>= 1.0.0)
    eventmachine (0.12.10)
    haml (3.0.24)
    haml-rails (0.3.4)
      actionpack (~> 3.0)
      activesupport (~> 3.0)
      haml (~> 3.0)
      railties (~> 3.0)
    hirb (0.3.5)
    i18n (0.4.2)
    interactive_editor (0.0.5)
      spoon (>= 0.0.1)
    jnunemaker-validatable (1.8.4)
      activesupport (>= 2.3.4)
    linecache19 (0.5.11)
      ruby_core_source (>= 0.1.4)
    mail (2.2.10)
      activesupport (>= 2.3.6)
      i18n (~> 0.4.1)
      mime-types (~> 1.16)
      treetop (~> 1.4.8)
    maruku (0.6.0)
      syntax (>= 1.0.0)
    mime-types (1.16)
    mongo (1.1.2)
      bson (>= 1.1.1)
    mongo_mapper (0.8.6)
      activesupport (>= 2.3.4)
      jnunemaker-validatable (~> 1.8.4)
      plucky (~> 0.3.6)
    nifty-generators (0.4.2)
    plucky (0.3.6)
      mongo (~> 1.1)
    polyglot (0.3.1)
    rack (1.2.1)
    rack-mount (0.6.13)
      rack (>= 1.0.0)
    rack-test (0.5.6)
      rack (>= 1.0)
    rails (3.0.3)
      actionmailer (= 3.0.3)
      actionpack (= 3.0.3)
      activerecord (= 3.0.3)
      activeresource (= 3.0.3)
      activesupport (= 3.0.3)
      bundler (~> 1.0)
      railties (= 3.0.3)
    railties (3.0.3)
      actionpack (= 3.0.3)
      activesupport (= 3.0.3)
      rake (>= 0.8.7)
      thor (~> 0.14.4)
    rake (0.8.7)
    rcov (0.9.9)
    rspec (2.2.0)
      rspec-core (~> 2.2)
      rspec-expectations (~> 2.2)
      rspec-mocks (~> 2.2)
    rspec-core (2.2.0)
    rspec-expectations (2.2.0)
      diff-lcs (~> 1.1.2)
    rspec-mocks (2.2.0)
    rspec-rails (2.2.0)
      rails (~> 3.0.0)
      rspec (~> 2.2)
    ruby-debug-base19 (0.11.24)
      columnize (>= 0.3.1)
      linecache19 (>= 0.5.11)
      ruby_core_source (>= 0.1.4)
    ruby-debug19 (0.11.6)
      columnize (>= 0.3.1)
      linecache19 (>= 0.5.11)
      ruby-debug-base19 (>= 0.11.19)
    ruby-prof (0.9.2)
    ruby_core_source (0.1.4)
      archive-tar-minitar (>= 0.5.2)
    spoon (0.0.1)
    syntax (1.0.0)
    thin (1.2.7)
      daemons (>= 1.0.9)
      eventmachine (>= 0.12.6)
      rack (>= 1.0.0)
    thor (0.14.6)
    treetop (1.4.9)
      polyglot (>= 0.3.1)
    tzinfo (0.3.23)
    wirble (0.1.3)

PLATFORMS
  ruby

DEPENDENCIES
  autotest
  awesome_print
  bcrypt-ruby (~> 2.1)
  bson_ext (~> 1.1)
  compass (~> 0.10)
  compass-susy-plugin (~> 0.7)
  haml (~> 3.0)
  haml-rails
  hirb
  interactive_editor
  maruku (~> 0.6)
  mongo (~> 1.1)
  mongo_mapper (~> 0.8)
  nifty-generators
  rails (~> 3.0)
  rcov
  rspec-rails (~> 2.1)
  ruby-debug19
  ruby-prof
  thin
  wirble
